GIT
  remote: git://github.com/henrikhodne/travis-saucelabs-api.git
  revision: c82f1a55e014a5d0325a033e84f2df0aacc8340d
  specs:
    travis-saucelabs-api (0.0.1)
      faraday (~> 0.7)
      faraday_middleware (~> 0.9)
      thor (~> 0.14)

GIT
  remote: git://github.com/travis-ci/fog.git
  revision: 34e03180370abdd61903bbc5cb3564e54bd1eec1
  specs:
    fog (1.10.1)
      builder
      excon (~> 0.20)
      formatador (~> 0.2.0)
      json (~> 1.7)
      mime-types
      net-scp (~> 1.1)
      net-ssh (>= 2.1.3)
      nokogiri (~> 1.5.0)
      ruby-hmac

GEM
  remote: https://rubygems.org/
  specs:
    activesupport (3.2.13)
      i18n (= 0.6.1)
      multi_json (~> 1.0)
    builder (3.2.0)
    excon (0.20.1)
    faraday (0.8.7)
      multipart-post (~> 1.1)
    faraday_middleware (0.9.0)
      faraday (>= 0.7.4, < 0.9)
    formatador (0.2.4)
    hashr (0.0.22)
    i18n (0.6.1)
    json (1.7.7)
    mime-types (1.23)
    multi_json (1.7.2)
    multipart-post (1.2.0)
    net-scp (1.1.0)
      net-ssh (>= 2.6.5)
    net-ssh (2.6.7)
    net-ssh-shell (0.1.0)
      net-ssh (>= 2.0.9)
    nokogiri (1.5.9)
    ruby-hmac (0.4.0)
    thor (0.18.1)

PLATFORMS
  ruby

DEPENDENCIES
  activesupport
  faraday
  fog!
  hashr
  multi_json
  net-ssh-shell
  thor
  travis-saucelabs-api!
